GIT
  remote: https://github.com/EnvironmentAgency/ea-address_lookup
  revision: 749e88390e1c8d91ca78e41df484f34cf85a1239
  specs:
    ea-address_lookup (0.2.0)
      activesupport (>= 4.2)
      nesty (~> 1.0)
      rest-client (~> 2.0.0.rc2)

PATH
  remote: .
  specs:
    flood_risk_engine (0.0.1)
      activerecord-session_store (~> 0.1)
      dibber (~> 0.5)
      dotenv-rails (~> 2.1)
      finite_machine (~> 0.10)
      has_secure_token (~> 1.0.0)
      high_voltage (~> 3.0)
      jquery-rails (~> 4.1)
      os_map_ref (~> 0.4)
      phonelib (~> 0.6)
      rails (~> 4.2)
      reform (~> 2.1)
      reform-rails (~> 0.1)
      uk_postcode (~> 2.1)
      validates_email_format_of (~> 1.6)
      virtus (~> 1.0)

GEM
  remote: https://rubygems.org/
  specs:
    actionmailer (4.2.6)
      actionpack (= 4.2.6)
      actionview (= 4.2.6)
      activejob (= 4.2.6)
      mail (~> 2.5, >= 2.5.4)
      rails-dom-testing (~> 1.0, >= 1.0.5)
    actionpack (4.2.6)
      actionview (= 4.2.6)
      activesupport (= 4.2.6)
      rack (~> 1.6)
      rack-test (~> 0.6.2)
      rails-dom-testing (~> 1.0, >= 1.0.5)
      rails-html-sanitizer (~> 1.0, >= 1.0.2)
    actionview (4.2.6)
      activesupport (= 4.2.6)
      builder (~> 3.1)
      erubis (~> 2.7.0)
      rails-dom-testing (~> 1.0, >= 1.0.5)
      rails-html-sanitizer (~> 1.0, >= 1.0.2)
    activejob (4.2.6)
      activesupport (= 4.2.6)
      globalid (>= 0.3.0)
    activemodel (4.2.6)
      activesupport (= 4.2.6)
      builder (~> 3.1)
    activerecord (4.2.6)
      activemodel (= 4.2.6)
      activesupport (= 4.2.6)
      arel (~> 6.0)
    activerecord-session_store (0.1.2)
      actionpack (>= 4.0.0, < 5)
      activerecord (>= 4.0.0, < 5)
      railties (>= 4.0.0, < 5)
    activesupport (4.2.6)
      i18n (~> 0.7)
      json (~> 1.7, >= 1.7.7)
      minitest (~> 5.1)
      thread_safe (~> 0.3, >= 0.3.4)
      tzinfo (~> 1.1)
    addressable (2.4.0)
    arel (6.0.3)
    ast (2.2.0)
    autoprefixer-rails (6.3.6.1)
      execjs
    axiom-types (0.1.1)
      descendants_tracker (~> 0.0.4)
      ice_nine (~> 0.11.0)
      thread_safe (~> 0.3, >= 0.3.1)
    before_commit (0.8.1)
    bootstrap-sass (3.3.6)
      autoprefixer-rails (>= 5.2.1)
      sass (>= 3.3.4)
    builder (3.2.2)
    byebug (8.2.5)
    capybara (2.7.1)
      addressable
      mime-types (>= 1.16)
      nokogiri (>= 1.3.3)
      rack (>= 1.0.0)
      rack-test (>= 0.5.4)
      xpath (~> 2.0)
    cliver (0.3.2)
    codeclimate-test-reporter (0.5.0)
      simplecov (>= 0.7.1, < 1.0.0)
    coderay (1.1.1)
    coercible (1.0.0)
      descendants_tracker (~> 0.0.1)
    concurrent-ruby (1.0.2)
    crack (0.4.3)
      safe_yaml (~> 1.0.0)
    database_cleaner (1.5.3)
    declarative (0.0.7)
      uber (>= 0.0.15)
    descendants_tracker (0.0.4)
      thread_safe (~> 0.3, >= 0.3.1)
    dibber (0.5.0)
    diff-lcs (1.2.5)
    disposable (0.2.6)
      declarative (~> 0.0.6)
      representable (>= 2.4.0, <= 3.1.0)
      uber
    docile (1.1.5)
    domain_name (0.5.20160310)
      unf (>= 0.0.5, < 1.0.0)
    dotenv (2.1.1)
    dotenv-rails (2.1.1)
      dotenv (= 2.1.1)
      railties (>= 4.0, < 5.1)
    equalizer (0.0.11)
    erubis (2.7.0)
    execjs (2.6.0)
    factory_girl (4.7.0)
      activesupport (>= 3.0.0)
    factory_girl_rails (4.7.0)
      factory_girl (~> 4.7.0)
      railties (>= 3.0.0)
    faker (1.6.3)
      i18n (~> 0.5)
    ffi (1.9.10)
    finite_machine (0.11.3)
    formatador (0.2.5)
    globalid (0.3.6)
      activesupport (>= 4.1.0)
    guard (2.13.0)
      formatador (>= 0.2.4)
      listen (>= 2.7, <= 4.0)
      lumberjack (~> 1.0)
      nenv (~> 0.1)
      notiffany (~> 0.0)
      pry (>= 0.9.12)
      shellany (~> 0.0)
      thor (>= 0.18.1)
    guard-compat (1.2.1)
    guard-rspec (4.6.5)
      guard (~> 2.1)
      guard-compat (~> 1.1)
      rspec (>= 2.99.0, < 4.0)
    has_secure_token (1.0.0)
      activerecord (>= 3.0)
    hashdiff (0.3.0)
    high_voltage (3.0.0)
    http-cookie (1.0.2)
      domain_name (~> 0.5)
    i18n (0.7.0)
    ice_nine (0.11.2)
    jquery-rails (4.1.1)
      rails-dom-testing (>= 1, < 3)
      railties (>= 4.2.0)
      thor (>= 0.14, < 2.0)
    json (1.8.3)
    listen (3.1.5)
      rb-fsevent (~> 0.9, >= 0.9.4)
      rb-inotify (~> 0.9, >= 0.9.7)
      ruby_dep (~> 1.2)
    loofah (2.0.3)
      nokogiri (>= 1.5.9)
    lumberjack (1.0.10)
    mail (2.6.4)
      mime-types (>= 1.16, < 4)
    method_source (0.8.2)
    mime-types (2.99.1)
    mini_portile2 (2.0.0)
    minitest (5.9.0)
    multi_json (1.12.1)
    nenv (0.3.0)
    nesty (1.0.2)
    netrc (0.11.0)
    nokogiri (1.6.7.2)
      mini_portile2 (~> 2.0.0.rc2)
    notiffany (0.1.0)
      nenv (~> 0.1)
      shellany (~> 0.0)
    os_map_ref (0.4.1)
    parser (2.3.1.0)
      ast (~> 2.2)
    pg (0.18.4)
    phonelib (0.6.0)
    poltergeist (1.9.0)
      capybara (~> 2.1)
      cliver (~> 0.3.1)
      multi_json (~> 1.0)
      websocket-driver (>= 0.2.0)
    powerpack (0.1.1)
    pry (0.10.3)
      coderay (~> 1.1.0)
      method_source (~> 0.8.1)
      slop (~> 3.4)
    quiet_assets (1.1.0)
      railties (>= 3.1, < 5.0)
    rack (1.6.4)
    rack-test (0.6.3)
      rack (>= 1.0)
    rails (4.2.6)
      actionmailer (= 4.2.6)
      actionpack (= 4.2.6)
      actionview (= 4.2.6)
      activejob (= 4.2.6)
      activemodel (= 4.2.6)
      activerecord (= 4.2.6)
      activesupport (= 4.2.6)
      bundler (>= 1.3.0, < 2.0)
      railties (= 4.2.6)
      sprockets-rails
    rails-deprecated_sanitizer (1.0.3)
      activesupport (>= 4.2.0.alpha)
    rails-dom-testing (1.0.7)
      activesupport (>= 4.2.0.beta, < 5.0)
      nokogiri (~> 1.6.0)
      rails-deprecated_sanitizer (>= 1.0.1)
    rails-html-sanitizer (1.0.3)
      loofah (~> 2.0)
    railties (4.2.6)
      actionpack (= 4.2.6)
      activesupport (= 4.2.6)
      rake (>= 0.8.7)
      thor (>= 0.18.1, < 2.0)
    rainbow (2.1.0)
    rake (11.1.2)
    rb-fsevent (0.9.7)
    rb-inotify (0.9.7)
      ffi (>= 0.5.0)
    reform (2.1.0)
      disposable (>= 0.2.2, < 0.3.0)
      representable (>= 2.4.0, < 3.1.0)
      uber (~> 0.0.11)
    reform-rails (0.1.0)
    representable (3.0.0)
      declarative (~> 0.0.5)
      uber (~> 0.0.15)
    rest-client (2.0.0.rc2)
      http-cookie (>= 1.0.2, < 2.0)
      mime-types (>= 1.16, < 3.0)
      netrc (~> 0.8)
    rspec (3.4.0)
      rspec-core (~> 3.4.0)
      rspec-expectations (~> 3.4.0)
      rspec-mocks (~> 3.4.0)
    rspec-core (3.4.4)
      rspec-support (~> 3.4.0)
    rspec-expectations (3.4.0)
      diff-lcs (>= 1.2.0, < 2.0)
      rspec-support (~> 3.4.0)
    rspec-html-matchers (0.7.3)
      nokogiri (~> 1)
      rspec (>= 3.0.0.a, < 4)
    rspec-mocks (3.4.1)
      diff-lcs (>= 1.2.0, < 2.0)
      rspec-support (~> 3.4.0)
    rspec-rails (3.4.2)
      actionpack (>= 3.0, < 4.3)
      activesupport (>= 3.0, < 4.3)
      railties (>= 3.0, < 4.3)
      rspec-core (~> 3.4.0)
      rspec-expectations (~> 3.4.0)
      rspec-mocks (~> 3.4.0)
      rspec-support (~> 3.4.0)
    rspec-support (3.4.1)
    rubocop (0.40.0)
      parser (>= 2.3.1.0, < 3.0)
      powerpack (~> 0.1)
      rainbow (>= 1.99.1, < 3.0)
      ruby-progressbar (~> 1.7)
      unicode-display_width (~> 1.0, >= 1.0.1)
    ruby-progressbar (1.8.1)
    ruby_dep (1.3.1)
    safe_yaml (1.0.4)
    sass (3.4.22)
    sass-rails (5.0.4)
      railties (>= 4.0.0, < 5.0)
      sass (~> 3.1)
      sprockets (>= 2.8, < 4.0)
      sprockets-rails (>= 2.0, < 4.0)
      tilt (>= 1.1, < 3)
    shellany (0.0.1)
    shoulda-matchers (3.1.1)
      activesupport (>= 4.0.0)
    simplecov (0.11.2)
      docile (~> 1.1.0)
      json (~> 1.8)
      simplecov-html (~> 0.10.0)
    simplecov-html (0.10.0)
    slop (3.6.0)
    sprockets (3.6.0)
      concurrent-ruby (~> 1.0)
      rack (> 1, < 3)
    sprockets-rails (3.0.4)
      actionpack (>= 4.0)
      activesupport (>= 4.0)
      sprockets (>= 3.0.0)
    thor (0.19.1)
    thread_safe (0.3.5)
    tilt (2.0.3)
    tzinfo (1.2.2)
      thread_safe (~> 0.1)
    uber (0.0.15)
    uk_postcode (2.1.0)
    unf (0.1.4)
      unf_ext
    unf_ext (0.0.7.2)
    unicode-display_width (1.0.5)
    validates_email_format_of (1.6.3)
      i18n
    vcr (3.0.1)
    webmock (1.24.6)
      addressable (>= 2.3.6)
      crack (>= 0.3.2)
      hashdiff
    virtus (1.0.5)
      axiom-types (~> 0.1)
      coercible (~> 1.0)
      descendants_tracker (~> 0.0, >= 0.0.3)
      equalizer (~> 0.0, >= 0.0.9)
    websocket-driver (0.6.3)
      websocket-extensions (>= 0.1.0)
    websocket-extensions (0.1.2)
    xpath (2.0.0)
      nokogiri (~> 1.3)

PLATFORMS
  ruby

DEPENDENCIES
  before_commit (~> 0.6)
  bootstrap-sass (~> 3.3)
  byebug (~> 8.2)
  capybara (~> 2.6)
  codeclimate-test-reporter
  database_cleaner (~> 1.5)
  ea-address_lookup!
  factory_girl_rails (~> 4.6)
  faker
  flood_risk_engine!
  guard-rspec
  pg (~> 0.18)
  poltergeist (~> 1.9)
  quiet_assets (~> 1.1)
  rspec-html-matchers
  rspec-rails (~> 3.4)
  rubocop
  sass-rails (>= 3.2)
  shoulda-matchers (~> 3.1)
  simplecov (~> 0.11)
  vcr (~> 3.0)
  webmock (~> 1.24)

BUNDLED WITH
   1.12.3
